GEM
  remote: https://rubygems.org/
  specs:
    pg (0.17.1)
    rake (10.1.0)

PLATFORMS
  ruby

DEPENDENCIES
  pg
  rake
